GIT
  remote: https://github.com/blambeau/alf.git
  revision: 837a2c997e0a072260fd6f75a29ef66d307a7c4c
  specs:
    alf (0.10.1)
      myrrha (~> 1.2.1)
      quickl (~> 0.4.1)

GIT
  remote: https://github.com/eregon/epath
  revision: 30484e80f617b047014fc7e028dff984fd3cde65
  specs:
    epath (0.0.1)

GEM
  remote: http://rubygems.org/
  specs:
    diff-lcs (1.1.3)
    gnuplot (2.3.6)
    json (1.6.1)
    json (1.6.1-java)
    myrrha (1.2.1)
    quickl (0.4.1)
    rake (0.9.2.2)
    rspec (2.6.0)
      rspec-core (~> 2.6.0)
      rspec-expectations (~> 2.6.0)
      rspec-mocks (~> 2.6.0)
    rspec-core (2.6.4)
    rspec-expectations (2.6.0)
      diff-lcs (~> 1.1.2)
    rspec-mocks (2.6.0)
    wlang (0.10.2)

PLATFORMS
  java
  ruby

DEPENDENCIES
  alf!
  epath!
  gnuplot (~> 2.3.6)
  json
  rake (~> 0.9.2)
  rspec (~> 2.6.0)
  wlang (~> 0.10.2)
