GEM
  remote: http://rubygems.org/
  specs:
    alf (0.11.1)
      backports (~> 2.3.0)
      myrrha (~> 1.2.1)
      quickl (~> 0.4.2)
    backports (2.3.0)
    diff-lcs (1.1.3)
    gnuplot (2.3.6)
    json (1.6.5)
    myrrha (1.2.1)
    path (2.0.1)
    quickl (0.4.2)
    rake (0.9.2.2)
    rspec (2.8.0)
      rspec-core (~> 2.8.0)
      rspec-expectations (~> 2.8.0)
      rspec-mocks (~> 2.8.0)
    rspec-core (2.8.0)
    rspec-expectations (2.8.0)
      diff-lcs (~> 1.1.2)
    rspec-mocks (2.8.0)
    wlang (0.10.2)

PLATFORMS
  ruby

DEPENDENCIES
  alf (~> 0.11.1)
  gnuplot (~> 2.3.6)
  json
  path (~> 2.0.1)
  rake (~> 0.9.2)
  rspec (~> 2.8.0)
  wlang (~> 0.10.2)
