GEM
  remote: http://rubygems.org/
  specs:
    alf (0.10.1)
      highline (~> 1.6.2)
      myrrha (~> 1.2.0)
      quickl (~> 0.4.0)
    bluecloth (2.1.0)
    diff-lcs (1.1.2)
    gnuplot (2.3.6)
    highline (1.6.2)
    myrrha (1.2.0)
    quickl (0.4.0)
    rake (0.9.2)
    rspec (2.6.0)
      rspec-core (~> 2.6.0)
      rspec-expectations (~> 2.6.0)
      rspec-mocks (~> 2.6.0)
    rspec-core (2.6.4)
    rspec-expectations (2.6.0)
      diff-lcs (~> 1.1.2)
    rspec-mocks (2.6.0)
    wlang (0.10.2)
    yard (0.7.2)

PLATFORMS
  java
  ruby

DEPENDENCIES
  alf (~> 0.10.0)
  bluecloth (~> 2.1.0)
  gnuplot (~> 2.3.6)
  quickl (~> 0.4.0)
  rake (~> 0.9.2)
  rspec (~> 2.6.0)
  wlang (~> 0.10.2)
  yard (~> 0.7.2)
