GIT
  remote: https://github.com/blambeau/alf.git
  revision: b94fbe9ea3f7062b916d08c172c5c0c9530aa38b
  specs:
    alf (0.11.0)
      myrrha (~> 1.2.1)
      quickl (~> 0.4.2)

GEM
  remote: http://rubygems.org/
  specs:
    diff-lcs (1.1.3)
    epath (0.0.1)
    gnuplot (2.3.6)
    json (1.6.4)
    json (1.6.4-java)
    myrrha (1.2.1)
    quickl (0.4.2)
    rake (0.9.2.2)
    rspec (2.6.0)
      rspec-core (~> 2.6.0)
      rspec-expectations (~> 2.6.0)
      rspec-mocks (~> 2.6.0)
    rspec-core (2.6.4)
    rspec-expectations (2.6.0)
      diff-lcs (~> 1.1.2)
    rspec-mocks (2.6.0)
    wlang (0.10.2)

PLATFORMS
  java
  ruby

DEPENDENCIES
  alf!
  epath
  gnuplot (~> 2.3.6)
  json
  rake (~> 0.9.2)
  rspec (~> 2.6.0)
  wlang (~> 0.10.2)
