GIT
  remote: git://github.com/blambeau/alf.git
  revision: db46ffad09e79c5f33ae4458635da2ae67fd1a0a
  specs:
    alf (0.9.4)
      myrrha (~> 1.2.0)
      quickl (~> 0.3.0)

GIT
  remote: git://github.com/blambeau/quickl.git
  revision: fdadf5ddf1e3153933fd71312976662f4694fcce
  specs:
    quickl (0.3.0)

GEM
  remote: http://rubygems.org/
  specs:
    bluecloth (2.1.0)
    diff-lcs (1.1.2)
    gnuplot (2.3.6)
    myrrha (1.2.0)
    rake (0.9.2)
    rspec (2.6.0)
      rspec-core (~> 2.6.0)
      rspec-expectations (~> 2.6.0)
      rspec-mocks (~> 2.6.0)
    rspec-core (2.6.4)
    rspec-expectations (2.6.0)
      diff-lcs (~> 1.1.2)
    rspec-mocks (2.6.0)
    wlang (0.10.2)
    yard (0.7.2)

PLATFORMS
  java
  ruby

DEPENDENCIES
  alf!
  bluecloth (~> 2.1.0)
  gnuplot (~> 2.3.6)
  quickl!
  rake (~> 0.9.2)
  rspec (~> 2.6.0)
  wlang (~> 0.10.2)
  yard (~> 0.7.2)
