PATH
  remote: /home/blambeau/work/devel/alf
  specs:
    alf (0.9.1)
      quickl (~> 0.2.1)

GEM
  remote: http://rubygems.org/
  specs:
    gnuplot (2.3.6)
    quickl (0.2.1)

PLATFORMS
  java
  ruby

DEPENDENCIES
  alf!
  gnuplot (~> 2.3.6)
  quickl (~> 0.2.1)
