GIT
  remote: https://github.com/blambeau/alf.git
  revision: 1c0e79ebc1b4bc57deeefd55fad65d7b9ff97dfa
  specs:
    alf (0.10.1)
      myrrha (~> 1.2.1)
      quickl (~> 0.4.1)

GIT
  remote: https://github.com/eregon/epath
  revision: b70596f5752b345dca4aec6934900fa80ac95906
  specs:
    epath (0.0.1)

GEM
  remote: http://rubygems.org/
  specs:
    diff-lcs (1.1.3)
    gnuplot (2.3.6)
    json (1.6.1)
    myrrha (1.2.1)
    quickl (0.4.1)
    rake (0.9.2)
    rspec (2.6.0)
      rspec-core (~> 2.6.0)
      rspec-expectations (~> 2.6.0)
      rspec-mocks (~> 2.6.0)
    rspec-core (2.6.4)
    rspec-expectations (2.6.0)
      diff-lcs (~> 1.1.2)
    rspec-mocks (2.6.0)
    wlang (0.10.2)

PLATFORMS
  ruby

DEPENDENCIES
  alf!
  epath!
  gnuplot (~> 2.3.6)
  json
  rake (~> 0.9.2)
  rspec (~> 2.6.0)
  wlang (~> 0.10.2)
