GEM
  remote: http://rubygems.org/
  specs:
    alf (0.9.2)
      quickl (~> 0.2.2)
    bluecloth (2.1.0)
    diff-lcs (1.1.2)
    gnuplot (2.3.6)
    quickl (0.2.2)
    rake (0.9.2)
    rspec (2.6.0)
      rspec-core (~> 2.6.0)
      rspec-expectations (~> 2.6.0)
      rspec-mocks (~> 2.6.0)
    rspec-core (2.6.4)
    rspec-expectations (2.6.0)
      diff-lcs (~> 1.1.2)
    rspec-mocks (2.6.0)
    wlang (0.10.2)
    yard (0.7.2)

PLATFORMS
  java
  ruby

DEPENDENCIES
  alf (~> 0.9.1)
  bluecloth (~> 2.1.0)
  gnuplot (~> 2.3.6)
  quickl (~> 0.2.2)
  rake (~> 0.9.2)
  rspec (~> 2.6.0)
  wlang (~> 0.10.1)
  yard (~> 0.7.2)
